GEM
  remote: http://rubygems.org/
  specs:
    activemodel (3.0.5)
      activesupport (= 3.0.5)
      builder (~> 2.1.2)
      i18n (~> 0.4)
    activerecord (3.0.5)
      activemodel (= 3.0.5)
      activesupport (= 3.0.5)
      arel (~> 2.0.2)
      tzinfo (~> 0.3.23)
    activesupport (3.0.5)
    apachelogregex (0.1.0)
    arel (2.0.9)
    builder (2.1.2)
    i18n (0.5.0)
    mysql (2.8.1)
    mysql2 (0.2.6)
    net-sftp (2.0.5)
      net-ssh (>= 2.0.9)
    net-ssh (2.1.3)
    tzinfo (0.3.27)

PLATFORMS
  ruby

DEPENDENCIES
  activerecord (= 3.0.5)
  activesupport (= 3.0.5)
  apachelogregex (= 0.1.0)
  i18n (= 0.5.0)
  mysql (= 2.8.1)
  mysql2 (= 0.2.6)
  net-sftp (= 2.0.5)
  net-ssh (= 2.1.3)
